GEM
  remote: https://rubygems.org/
  specs:
    CFPropertyList (2.2.8)
    facter (2.4.6)
      CFPropertyList (~> 2.2.6)
    hiera (1.3.4)
      json_pure
    json_pure (2.0.3)
    puppet (3.8.7)
      facter (> 1.6, < 3)
      hiera (~> 1.0)
      json_pure

PLATFORMS
  ruby

DEPENDENCIES
  puppet (~> 3.8.7)

BUNDLED WITH
   1.13.7
